GEM
  remote: http://rubygems.org/
  specs:
    configatron (2.7.2)
      yamler (>= 0.1.0)
    cover_me (1.0.0.rc6)
      configatron
      hashie
    hashie (1.0.0)
    rack (1.2.2)
    rack-flash (0.1.1)
      rack
    riot (0.12.3)
      rr
    rr (1.0.2)
    sequel (3.22.0)
    sinatra (1.2.6)
      rack (~> 1.1)
      tilt (>= 1.2.2, < 2.0)
    slim (0.9.2)
      temple (~> 0.2.0)
      tilt (~> 1.2)
    sqlite3 (1.3.3)
    temple (0.2.0)
    tilt (1.3)
    watchr (0.7)
    yamler (0.1.0)

PLATFORMS
  ruby

DEPENDENCIES
  cover_me (>= 1.0.0.rc6)
  rack-flash
  riot
  sequel
  sinatra
  slim
  sqlite3
  watchr
